GIT
  remote: git@github.com:wata727/privatecop
  revision: 9a4156e71c391d00baa33fd1f0645a1135b73f72
  specs:
    privatecop (0.1.0)
      rubocop (>= 0.50)

GEM
  remote: https://rubygems.org/
  specs:
    ast (2.4.0)
    parallel (1.13.0)
    parser (2.6.0.0)
      ast (~> 2.4.0)
    powerpack (0.1.2)
    rainbow (2.2.2)
      rake
    rake (12.3.2)
    rubocop (0.51.0)
      parallel (~> 1.10)
      parser (>= 2.3.3.1, < 3.0)
      powerpack (~> 0.1)
      rainbow (>= 2.2.2, < 3.0)
      ruby-progressbar (~> 1.7)
      unicode-display_width (~> 1.0, >= 1.0.1)
    ruby-progressbar (1.10.0)
    unicode-display_width (1.4.1)

PLATFORMS
  ruby

DEPENDENCIES
  privatecop!
  rubocop (= 0.51.0)

BUNDLED WITH
   1.17.2
